GEM
  remote: https://rubygems.org/
  specs:
    net-http (0.3.2)
      uri
    uri (0.12.0)

PLATFORMS
  arm64-darwin-21

DEPENDENCIES
  net-http

BUNDLED WITH
   2.3.11
